GEM
  remote: https://rubygems.org/
  specs:
    ast (2.4.3)
    json (2.13.0)
    parser (3.3.8.0)
      ast (~> 2.4.1)
      racc
    racc (1.8.1)

PLATFORMS
  ruby
  x86_64-linux

DEPENDENCIES
  json (~> 2.0)
  parser (~> 3.0)

RUBY VERSION
   ruby 3.1.3p185

BUNDLED WITH
   2.6.9
