GEM
  remote: https://rubygems.org/
  specs:
    ast (2.4.3)
    diff-lcs (1.6.2)
    flog (4.8.0)
      path_expander (~> 1.0)
      ruby_parser (~> 3.1, > 3.1.0)
      sexp_processor (~> 4.8)
    json (2.13.0)
    parser (3.3.8.0)
      ast (~> 2.4.1)
      racc
    path_expander (1.1.3)
    racc (1.8.1)
    rspec (3.13.1)
      rspec-core (~> 3.13.0)
      rspec-expectations (~> 3.13.0)
      rspec-mocks (~> 3.13.0)
    rspec-core (3.13.5)
      rspec-support (~> 3.13.0)
    rspec-expectations (3.13.5)
      diff-lcs (>= 1.2.0, < 2.0)
      rspec-support (~> 3.13.0)
    rspec-mocks (3.13.5)
      diff-lcs (>= 1.2.0, < 2.0)
      rspec-support (~> 3.13.0)
    rspec-support (3.13.4)
    ruby_parser (3.21.1)
      racc (~> 1.5)
      sexp_processor (~> 4.16)
    sexp_processor (4.17.3)

PLATFORMS
  ruby
  x86_64-linux

DEPENDENCIES
  flog
  json (~> 2.0)
  parser (~> 3.0)
  rspec (~> 3.0)

RUBY VERSION
   ruby 3.1.3p185

BUNDLED WITH
   2.6.9
